GEM
  remote: https://rubygems.org/
  specs:
    buff-ignore (1.2.0)

PLATFORMS
  ruby

DEPENDENCIES
  buff-ignore

BUNDLED WITH
   1.14.6
